PATH
  remote: .
  specs:
    ruby_ruby (0.1.0)
      ruby_parser (~> 3.14)

GEM
  remote: https://rubygems.org/
  specs:
    minitest (5.11.3)
    rake (10.5.0)
    ruby_parser (3.14.0)
      sexp_processor (~> 4.9)
    sexp_processor (4.12.0)

PLATFORMS
  ruby

DEPENDENCIES
  bundler (~> 2.0)
  minitest (~> 5.0)
  rake (~> 10.0)
  ruby_ruby!

BUNDLED WITH
   2.0.2
