PATH
  remote: .
  specs:
    garnet_ruby (0.1.0)
      ruby_parser (~> 3.14)

GEM
  remote: https://rubygems.org/
  specs:
    minitest (5.11.3)
    rake (13.0.1)
    ruby_parser (3.14.1)
      sexp_processor (~> 4.9)
    sample (0.1.1)
    sexp_processor (4.13.0)

PLATFORMS
  ruby

DEPENDENCIES
  bundler (~> 2.0)
  garnet_ruby!
  minitest (~> 5.0)
  rake (~> 13.0)
  sample

BUNDLED WITH
   2.1.2
